GEM
  remote: https://rubygems.org/
  specs:
    coderay (1.1.2)
    daemons (1.2.6)
    diff-lcs (1.3)
    eventmachine (1.2.7)
    json (2.1.0)
    method_source (0.9.0)
    mini_portile2 (2.3.0)
    nokogiri (1.8.2)
      mini_portile2 (~> 2.3.0)
    pry (0.11.3)
      coderay (~> 1.1.0)
      method_source (~> 0.9.0)
    rack (2.0.5)
    rspec (3.7.0)
      rspec-core (~> 3.7.0)
      rspec-expectations (~> 3.7.0)
      rspec-mocks (~> 3.7.0)
    rspec-core (3.7.1)
      rspec-support (~> 3.7.0)
    rspec-expectations (3.7.0)
      diff-lcs (>= 1.2.0, < 2.0)
      rspec-support (~> 3.7.0)
    rspec-mocks (3.7.0)
      diff-lcs (>= 1.2.0, < 2.0)
      rspec-support (~> 3.7.0)
    rspec-support (3.7.1)
    thin (1.7.2)
      daemons (~> 1.0, >= 1.0.9)
      eventmachine (~> 1.0, >= 1.0.4)
      rack (>= 1, < 3)
    w3c_validators (1.3.3)
      json (>= 1.8)
      nokogiri (~> 1.6)

PLATFORMS
  ruby

DEPENDENCIES
  nokogiri
  pry
  rack
  rspec
  thin
  w3c_validators

BUNDLED WITH
   1.16.5
